GIT
  remote: https://github.com/p-mongo/faraday-digestauth
  revision: 74021185e4bbdf07fe7c6c528264c0fe5b87c688
  branch: mine
  specs:
    faraday-digestauth (0.4.1)
      faraday (>= 0.7)
      net-http-digest_auth (~> 1.4)

GEM
  remote: https://rubygems.org/
  specs:
    awesome_print (1.8.0)
    byebug (11.1.3)
    daybreak (0.3.0)
    faraday (1.0.1)
      multipart-post (>= 1.2, < 3)
    faraday-detailed_logger (2.3.0)
      faraday (>= 0.8, < 2)
    multipart-post (2.1.1)
    net-http-digest_auth (1.4.1)
    oj (3.10.14)
    rack (2.2.3)

PLATFORMS
  ruby

DEPENDENCIES
  awesome_print
  byebug
  daybreak
  faraday
  faraday-detailed_logger
  faraday-digestauth!
  oj
  rack

BUNDLED WITH
   2.1.4
