GIT
  remote: https://github.com/p-mongo/faraday-digestauth
  revision: ab4d0698a38b47ca064f7b2b578251f5c73383c8
  branch: speedup-auth-fix
  specs:
    faraday-digestauth (0.3.0)
      faraday (>= 0.7)
      net-http-digest_auth (~> 1.4)

GEM
  remote: https://rubygems.org/
  specs:
    awesome_print (1.8.0)
    byebug (11.1.3)
    faraday (1.0.1)
      multipart-post (>= 1.2, < 3)
    faraday-detailed_logger (2.3.0)
      faraday (>= 0.8, < 2)
    multipart-post (2.1.1)
    net-http-digest_auth (1.4.1)
    oj (3.10.6)
    rack (2.2.2)

PLATFORMS
  ruby

DEPENDENCIES
  awesome_print
  byebug
  faraday
  faraday-detailed_logger
  faraday-digestauth!
  oj
  rack

BUNDLED WITH
   2.1.4
